PATH
  remote: .
  specs:
    FreeagentTIL (0.1.0)

GEM
  remote: https://rubygems.org/
  specs:
    byebug (11.1.3)
    diff-lcs (1.4.4)
    git (1.7.0)
      rchardet (~> 1.8)
    kramdown (2.3.0)
      rexml
    pastel (0.8.0)
      tty-color (~> 0.5)
    rake (12.3.3)
    rchardet (1.8.0)
    rexml (3.2.4)
    rouge (3.23.0)
    rspec (3.9.0)
      rspec-core (~> 3.9.0)
      rspec-expectations (~> 3.9.0)
      rspec-mocks (~> 3.9.0)
    rspec-core (3.9.2)
      rspec-support (~> 3.9.3)
    rspec-expectations (3.9.2)
      diff-lcs (>= 1.2.0, < 2.0)
      rspec-support (~> 3.9.0)
    rspec-mocks (3.9.1)
      diff-lcs (>= 1.2.0, < 2.0)
      rspec-support (~> 3.9.0)
    rspec-support (3.9.3)
    strings (0.2.0)
      strings-ansi (~> 0.2)
      unicode-display_width (~> 1.5)
      unicode_utils (~> 1.4)
    strings-ansi (0.2.0)
    thor (1.0.1)
    tty-color (0.5.2)
    tty-markdown (0.7.0)
      kramdown (>= 1.16.2, < 3.0)
      pastel (~> 0.8)
      rouge (~> 3.14)
      strings (~> 0.2.0)
      tty-color (~> 0.5)
      tty-screen (~> 0.8)
    tty-screen (0.8.1)
    unicode-display_width (1.7.0)
    unicode_utils (1.4.0)

PLATFORMS
  ruby

DEPENDENCIES
  FreeagentTIL!
  byebug
  git
  rake (~> 12.0)
  rspec (~> 3.0)
  thor
  tty-markdown

BUNDLED WITH
   2.1.4
